PATH
  remote: .
  specs:
    lz4_flex (0.1.2)
      rb_sys

GEM
  remote: https://rubygems.org/
  specs:
    ansi (1.5.0)
    ast (2.4.2)
    attr_extras (7.1.0)
    benchmark-ips (2.14.0)
    builder (3.3.0)
    diff-lcs (1.5.1)
    json (2.7.2)
    language_server-protocol (3.17.0.3)
    lz4-ruby (0.3.3)
    minitest (5.25.1)
    minitest-focus (1.4.0)
      minitest (>= 4, < 6)
    minitest-reporters (1.7.1)
      ansi
      builder
      minitest (>= 5.0)
      ruby-progressbar
    nicetest (0.1.3)
      minitest (>= 5.0)
      minitest-focus (~> 1.4)
      minitest-reporters (~> 1.4)
      optparse (>= 0.5.0)
      pastel (~> 0.8)
      prism (>= 0.30)
      super_diff (~> 0.12)
    optimist (3.1.0)
    optparse (0.5.0)
    parallel (1.26.3)
    parser (3.3.4.2)
      ast (~> 2.4.1)
      racc
    pastel (0.8.0)
      tty-color (~> 0.5)
    patience_diff (1.2.0)
      optimist (~> 3.0)
    prism (0.30.0)
    racc (1.8.1)
    rainbow (3.1.1)
    rake (13.2.1)
    rake-compiler (1.2.8)
      rake
    rb_sys (0.9.102)
    regexp_parser (2.9.2)
    rexml (3.3.6)
      strscan
    rubocop (1.65.1)
      json (~> 2.3)
      language_server-protocol (>= 3.17.0)
      parallel (~> 1.10)
      parser (>= 3.3.0.2)
      rainbow (>= 2.2.2, < 4.0)
      regexp_parser (>= 2.4, < 3.0)
      rexml (>= 3.2.5, < 4.0)
      rubocop-ast (>= 1.31.1, < 2.0)
      ruby-progressbar (~> 1.7)
      unicode-display_width (>= 2.4.0, < 3.0)
    rubocop-ast (1.32.1)
      parser (>= 3.3.1.0)
    rubocop-shopify (2.15.1)
      rubocop (~> 1.51)
    ruby-progressbar (1.13.0)
    strscan (3.1.0)
    super_diff (0.12.1)
      attr_extras (>= 6.2.4)
      diff-lcs
      patience_diff
    tty-color (0.6.0)
    unicode-display_width (2.5.0)

PLATFORMS
  ruby
  x86_64-darwin-20
  x86_64-linux

DEPENDENCIES
  benchmark-ips
  lz4-ruby
  lz4_flex!
  minitest (~> 5.0)
  nicetest
  rake (~> 13.0)
  rake-compiler
  rb_sys (~> 0.9.100)
  rubocop-shopify

BUNDLED WITH
   2.4.22
