PATH
  remote: .
  specs:
    lz4_flex (1.0.0)
      rb_sys

GEM
  remote: https://rubygems.org/
  specs:
    ansi (1.5.0)
    ast (2.4.3)
    attr_extras (7.1.0)
    base64 (0.3.0)
    benchmark-ips (2.14.0)
    bigdecimal (3.2.2)
    builder (3.3.0)
    diff-lcs (1.6.2)
    json (2.12.2)
    language_server-protocol (3.17.0.5)
    lint_roller (1.1.0)
    logger (1.7.0)
    lz4-ruby (0.3.3)
    minitest (5.25.5)
    minitest-focus (1.4.0)
      minitest (>= 4, < 6)
    minitest-reporters (1.7.1)
      ansi
      builder
      minitest (>= 5.0)
      ruby-progressbar
    nicetest (0.1.5)
      base64
      bigdecimal
      logger
      minitest (>= 5.0)
      minitest-focus (~> 1.4)
      minitest-reporters (~> 1.4)
      optparse (>= 0.5.0)
      pastel (~> 0.8)
      prism (>= 0.30)
      super_diff (~> 0.12)
    optimist (3.2.1)
    optparse (0.6.0)
    parallel (1.27.0)
    parser (3.3.8.0)
      ast (~> 2.4.1)
      racc
    pastel (0.8.0)
      tty-color (~> 0.5)
    patience_diff (1.2.0)
      optimist (~> 3.0)
    prism (1.4.0)
    racc (1.8.1)
    rainbow (3.1.1)
    rake (13.3.0)
    rake-compiler (1.3.0)
      rake
    rake-compiler-dock (1.9.1)
    rb_sys (0.9.116)
      rake-compiler-dock (= 1.9.1)
    regexp_parser (2.10.0)
    rubocop (1.77.0)
      json (~> 2.3)
      language_server-protocol (~> 3.17.0.2)
      lint_roller (~> 1.1.0)
      parallel (~> 1.10)
      parser (>= 3.3.0.2)
      rainbow (>= 2.2.2, < 4.0)
      regexp_parser (>= 2.9.3, < 3.0)
      rubocop-ast (>= 1.45.1, < 2.0)
      ruby-progressbar (~> 1.7)
      unicode-display_width (>= 2.4.0, < 4.0)
    rubocop-ast (1.45.1)
      parser (>= 3.3.7.2)
      prism (~> 1.4)
    rubocop-shopify (2.17.1)
      rubocop (~> 1.62)
    ruby-progressbar (1.13.0)
    super_diff (0.16.0)
      attr_extras (>= 6.2.4)
      diff-lcs
      patience_diff
    tty-color (0.6.0)
    unicode-display_width (3.1.4)
      unicode-emoji (~> 4.0, >= 4.0.4)
    unicode-emoji (4.0.4)

PLATFORMS
  ruby
  x86_64-darwin-20
  x86_64-linux

DEPENDENCIES
  benchmark-ips
  lz4-ruby
  lz4_flex!
  minitest (~> 5.25)
  nicetest
  rake (~> 13.0)
  rake-compiler
  rb_sys (~> 0.9.114)
  rubocop-shopify

BUNDLED WITH
   2.6.2
